GEM
  remote: http://rubygems.org/
  specs:
    capistrano (2.9.0)
      highline
      net-scp (>= 1.0.0)
      net-sftp (>= 2.0.0)
      net-ssh (>= 2.0.14)
      net-ssh-gateway (>= 1.1.0)
    capistrano-deepmodules (0.2)
    capistrano-ext (1.2.1)
      capistrano (>= 1.0.0)
    capistrano-gitflow (1.4.3)
      capistrano
      stringex
    highline (1.6.5)
    net-scp (1.0.4)
      net-ssh (>= 1.99.1)
    net-sftp (2.0.5)
      net-ssh (>= 2.0.9)
    net-ssh (2.2.1)
    net-ssh-gateway (1.1.0)
      net-ssh (>= 1.99.1)
    railsless-deploy (1.0.2)
    stringex (1.3.0)

PLATFORMS
  ruby

DEPENDENCIES
  capistrano
  capistrano-deepmodules
  capistrano-ext
  capistrano-gitflow
  railsless-deploy
